GEM
  remote: https://rubygems.org/
  specs:
    rainbow (2.0.0)
    sass (3.3.11)
    sass-json-vars (0.3.1)
      sass (>= 3.1)
    scss-lint (0.25.1)
      rainbow (~> 2.0)
      sass (~> 3.3.0)

PLATFORMS
  ruby

DEPENDENCIES
  sass (~> 3.3.10)
  sass-json-vars (~> 0.3.1)
  scss-lint (~> 0.25.1)
